PATH
  remote: ../dms-core
  specs:
    dms-core (0.0.0)
      ffi-rzmq (~> 0.9.3)
      logging (~> 1.6.2)
      msgpack (~> 0.4.6)

GEM
  remote: http://rubygems.org/
  specs:
    activesupport (3.0.10)
    builder (3.0.0)
    capture-output (1.0.0)
    cli (1.1.1)
    cucumber (1.1.4)
      builder (>= 2.1.2)
      diff-lcs (>= 1.1.2)
      gherkin (~> 2.7.1)
      json (>= 1.4.6)
      term-ansicolor (>= 1.0.6)
    diff-lcs (1.1.3)
    facter (1.6.5)
    ffi (1.0.11)
    ffi-rzmq (0.9.3)
      ffi
    gherkin (2.7.6)
      json (>= 1.4.6)
    git (1.2.5)
    i18n (0.6.0)
    jeweler (1.8.3)
      bundler (~> 1.0)
      git (>= 1.2.5)
      rake
      rdoc
    json (1.6.5)
    little-plugger (1.1.3)
    logging (1.6.2)
      little-plugger (>= 1.1.3)
    msgpack (0.4.6)
    multi_json (1.0.4)
    periodic-scheduler (0.3.0)
    rake (0.9.2.2)
    rdoc (3.12)
      json (~> 1.4)
    rspec (2.8.0)
      rspec-core (~> 2.8.0)
      rspec-expectations (~> 2.8.0)
      rspec-mocks (~> 2.8.0)
    rspec-core (2.8.0)
    rspec-expectations (2.8.0)
      diff-lcs (~> 1.1.2)
    rspec-mocks (2.8.0)
    simplecov (0.5.4)
      multi_json (~> 1.0.3)
      simplecov-html (~> 0.5.3)
    simplecov-html (0.5.3)
    term-ansicolor (1.0.7)

PLATFORMS
  ruby

DEPENDENCIES
  activesupport (~> 3.0.0)
  bundler (~> 1.0)
  capture-output (~> 1.0.0)
  cli (~> 1.1.1)
  cucumber
  dms-core!
  facter (~> 1.6.5)
  i18n (>= 0.5.0)
  jeweler (~> 1.8.3)
  periodic-scheduler (~> 0.3.0)
  rdoc (~> 3.12)
  rspec (~> 2.8.0)
  simplecov
